GEM
  remote: https://rubygems.org/
  specs:
    concurrent-ruby (1.2.3)
    faker (1.9.6)
      i18n (>= 0.7)
    i18n (1.14.1)
      concurrent-ruby (~> 1.0)

PLATFORMS
  x86-mingw32

DEPENDENCIES
  faker (~> 1.6, >= 1.6.6)

BUNDLED WITH
   2.4.10
